GEM
  remote: http://rubygems.org/
  specs:
    diff-lcs (1.2.4)
    json (1.8.1)
    newrelic_plugin (1.3.1)
      json
    rake (10.1.1)
    rspec (2.14.1)
      rspec-core (~> 2.14.0)
      rspec-expectations (~> 2.14.0)
      rspec-mocks (~> 2.14.0)
    rspec-core (2.14.7)
    rspec-expectations (2.14.4)
      diff-lcs (>= 1.1.3, < 2.0)
    rspec-mocks (2.14.4)

PLATFORMS
  ruby

DEPENDENCIES
  newrelic_plugin
  rake
  rspec
